GEM
  remote: https://rubygems.org/
  specs:
    childprocess (0.3.9)
      ffi (~> 1.0, >= 1.0.11)
    diff-lcs (1.2.4)
    ffi (1.9.0-java)
    git (1.2.5)
    json (1.8.0-java)
    little-plugger (1.1.3)
    logging (1.8.0)
      little-plugger (>= 1.1.3)
      multi_json (>= 1.3.6)
    maestro-plugin-rake-tasks (1.0.4)
      git
      json (>= 1.4.6)
      nokogiri
      rake (>= 0.9.2)
      zippy
    maestro_plugin (0.0.14)
      json (>= 1.4.6)
      logging (= 1.8.0)
      rubyzip (= 0.9.8)
    maestro_shell (0.0.8)
      childprocess (>= 0.3.9)
      json (>= 1.4.6)
      logging (= 1.8.0)
      rubyzip (= 0.9.8)
    metaclass (0.0.1)
    mini_portile (0.5.1)
    mocha (0.10.0)
      metaclass (~> 0.0.1)
    multi_json (1.7.7)
    nokogiri (1.6.0-java)
      mini_portile (~> 0.5.0)
    rake (0.9.2.2)
    rcov (0.9.11-java)
    rspec (2.14.1)
      rspec-core (~> 2.14.0)
      rspec-expectations (~> 2.14.0)
      rspec-mocks (~> 2.14.0)
    rspec-core (2.14.2)
    rspec-expectations (2.14.0)
      diff-lcs (>= 1.1.3, < 2.0)
    rspec-mocks (2.14.1)
    rubyzip (0.9.8)
    zippy (0.2.1)
      rubyzip (>= 0.9.1)

PLATFORMS
  java

DEPENDENCIES
  git
  maestro-plugin-rake-tasks
  maestro_plugin (>= 0.0.14)
  maestro_shell (>= 0.0.8)
  mocha (= 0.10.0)
  nokogiri
  rake (~> 0.9.2.2)
  rcov (= 0.9.11)
  rspec
  zippy
